GEM
  remote: https://rubygems.org/
  specs:
    mini_portile2 (2.4.0)
    nokogiri (1.10.7)
      mini_portile2 (~> 2.4.0)
    twemoji (3.1.6)
      nokogiri (~> 1.6)

PLATFORMS
  ruby

DEPENDENCIES
  twemoji

BUNDLED WITH
   2.0.2
